GIT
  remote: git@github.com:inside-track/daru.git
  revision: c8d407ee55b8d5f3143b9a030fe36c38cf3537d1
  branch: 0.1.4.1.2-Remi
  specs:
    daru (0.1.4.1)
      backports

GIT
  remote: git@github.com:inside-track/salesforce_bulk_api.git
  revision: f597f06e5aa0cec3f9072b23fa09769676ec73da
  branch: master
  specs:
    salesforce_bulk_api (0.0.12)
      json
      xml-simple

PATH
  remote: .
  specs:
    remi (0.3.1)
      activesupport (~> 4.2)
      bond (~> 0.5)
      cucumber (~> 2.1)
      docile (~> 1.1)
      faker (~> 1.6)
      net-sftp (~> 2.1)
      pg (~> 0.18)
      regex_sieve (~> 0.1)
      regexp-examples (~> 1.1)
      rspec (~> 3.3)

GEM
  remote: https://rubygems.org/
  specs:
    activesupport (4.2.6)
      i18n (~> 0.7)
      json (~> 1.7, >= 1.7.7)
      minitest (~> 5.1)
      thread_safe (~> 0.3, >= 0.3.4)
      tzinfo (~> 1.1)
    addressable (2.4.0)
    aws-sdk (2.3.5)
      aws-sdk-resources (= 2.3.5)
    aws-sdk-core (2.3.5)
      jmespath (~> 1.0)
    aws-sdk-resources (2.3.5)
      aws-sdk-core (= 2.3.5)
    backports (3.6.8)
    bond (0.5.1)
    builder (3.2.2)
    cucumber (2.3.3)
      builder (>= 2.1.2)
      cucumber-core (~> 1.4.0)
      cucumber-wire (~> 0.0.1)
      diff-lcs (>= 1.1.3)
      gherkin (~> 3.2.0)
      multi_json (>= 1.7.5, < 2.0)
      multi_test (>= 0.1.2)
    cucumber-core (1.4.0)
      gherkin (~> 3.2.0)
    cucumber-wire (0.0.1)
    diff-lcs (1.2.5)
    docile (1.1.5)
    faker (1.6.3)
      i18n (~> 0.5)
    faraday (0.9.2)
      multipart-post (>= 1.2, < 3)
    faraday_middleware (0.10.0)
      faraday (>= 0.7.4, < 0.10)
    gherkin (3.2.0)
    github-markup (1.4.0)
    google-api-client (0.9.15)
      addressable (~> 2.3)
      googleauth (~> 0.5)
      httpclient (~> 2.7)
      hurley (~> 0.1)
      memoist (~> 0.11)
      mime-types (>= 1.6)
      representable (~> 2.3.0)
      retriable (~> 2.0)
    googleauth (0.5.1)
      faraday (~> 0.9)
      jwt (~> 1.4)
      logging (~> 2.0)
      memoist (~> 0.12)
      multi_json (~> 1.11)
      os (~> 0.9)
      signet (~> 0.7)
    hashie (3.4.3)
    httpclient (2.8.2.4)
    hurley (0.2)
    i18n (0.7.0)
    iruby (0.2.7)
      bond (~> 0.5)
      mimemagic (~> 0.3)
      multi_json (~> 1.11)
      rbczmq (~> 1.7)
    jmespath (1.2.4)
      json_pure (>= 1.8.1)
    json (1.8.3)
    json_pure (1.8.3)
    jwt (1.5.6)
    little-plugger (1.1.4)
    logging (2.1.0)
      little-plugger (~> 1.1)
      multi_json (~> 1.10)
    memoist (0.15.0)
    mime-types (3.1)
      mime-types-data (~> 3.2015)
    mime-types-data (3.2016.0521)
    mimemagic (0.3.1)
    minitest (5.8.4)
    multi_json (1.11.2)
    multi_test (0.1.2)
    multipart-post (2.0.0)
    net-sftp (2.1.2)
      net-ssh (>= 2.6.5)
    net-ssh (3.1.1)
    os (0.9.6)
    pg (0.18.4)
    rbczmq (1.7.9)
    redcarpet (3.3.4)
    regex_sieve (0.1.0)
    regexp-examples (1.2.0)
    representable (2.3.0)
      uber (~> 0.0.7)
    restforce (2.2.0)
      faraday (~> 0.9.0)
      faraday_middleware (>= 0.8.8)
      hashie (>= 1.2.0, < 4.0)
      json (>= 1.7.5, < 1.9.0)
    retriable (2.1.0)
    rspec (3.4.0)
      rspec-core (~> 3.4.0)
      rspec-expectations (~> 3.4.0)
      rspec-mocks (~> 3.4.0)
    rspec-core (3.4.4)
      rspec-support (~> 3.4.0)
    rspec-expectations (3.4.0)
      diff-lcs (>= 1.2.0, < 2.0)
      rspec-support (~> 3.4.0)
    rspec-mocks (3.4.1)
      diff-lcs (>= 1.2.0, < 2.0)
      rspec-support (~> 3.4.0)
    rspec-support (3.4.1)
    signet (0.7.3)
      addressable (~> 2.3)
      faraday (~> 0.9)
      jwt (~> 1.5)
      multi_json (~> 1.10)
    thread_safe (0.3.5)
    tzinfo (1.2.2)
      thread_safe (~> 0.1)
    uber (0.0.15)
    xml-simple (1.1.5)
    yard (0.9.0)

PLATFORMS
  ruby

DEPENDENCIES
  aws-sdk (~> 2.3)
  daru (= 0.1.4.1)!
  github-markup (~> 1.4)
  google-api-client (~> 0.9)
  iruby (= 0.2.7)
  redcarpet (~> 3.3)
  remi!
  restforce (~> 2.1)
  salesforce_bulk_api!
  yard (~> 0.9)

BUNDLED WITH
   1.13.5
