PATH
  remote: .
  specs:
    remi (0.2.26)
      activesupport (~> 4.2)
      bond (~> 0.5)
      cucumber (~> 2.1)
      daru (= 0.1.2)
      docile (~> 1.1)
      faker (~> 1.6)
      net-sftp (~> 2.1)
      pg (~> 0.18)
      regex_sieve (~> 0.1)
      regexp-examples (~> 1.1)
      rspec (~> 3.3)

GEM
  remote: https://rubygems.org/
  specs:
    activesupport (4.2.6)
      i18n (~> 0.7)
      json (~> 1.7, >= 1.7.7)
      minitest (~> 5.1)
      thread_safe (~> 0.3, >= 0.3.4)
      tzinfo (~> 1.1)
    bond (0.5.1)
    builder (3.2.2)
    clbustos-rtf (0.4.2)
    cucumber (2.3.3)
      builder (>= 2.1.2)
      cucumber-core (~> 1.4.0)
      cucumber-wire (~> 0.0.1)
      diff-lcs (>= 1.1.3)
      gherkin (~> 3.2.0)
      multi_json (>= 1.7.5, < 2.0)
      multi_test (>= 0.1.2)
    cucumber-core (1.4.0)
      gherkin (~> 3.2.0)
    cucumber-wire (0.0.1)
    daru (0.1.2)
      reportbuilder (~> 1.4)
      spreadsheet (~> 1.1.1)
    diff-lcs (1.2.5)
    docile (1.1.5)
    faker (1.6.3)
      i18n (~> 0.5)
    gherkin (3.2.0)
    i18n (0.7.0)
    iruby (0.2.7)
      bond (~> 0.5)
      mimemagic (~> 0.3)
      multi_json (~> 1.11)
      rbczmq (~> 1.7)
    json (1.8.3)
    mimemagic (0.3.1)
    minitest (5.8.4)
    multi_json (1.11.2)
    multi_test (0.1.2)
    net-sftp (2.1.2)
      net-ssh (>= 2.6.5)
    net-ssh (3.1.1)
    pg (0.18.4)
    prawn (0.8.4)
      prawn-core (>= 0.8.4, < 0.9)
      prawn-layout (>= 0.8.4, < 0.9)
      prawn-security (>= 0.8.4, < 0.9)
    prawn-core (0.8.4)
    prawn-layout (0.8.4)
    prawn-security (0.8.4)
    prawn-svg (0.9.1.11)
      prawn (>= 0.8.4)
    rbczmq (1.7.9)
    regex_sieve (0.1.0)
    regexp-examples (1.2.0)
    reportbuilder (1.4.2)
      clbustos-rtf (~> 0.4.0)
      prawn (~> 0.8.4)
      prawn-svg (~> 0.9.1)
      text-table (~> 1.2)
    rspec (3.4.0)
      rspec-core (~> 3.4.0)
      rspec-expectations (~> 3.4.0)
      rspec-mocks (~> 3.4.0)
    rspec-core (3.4.4)
      rspec-support (~> 3.4.0)
    rspec-expectations (3.4.0)
      diff-lcs (>= 1.2.0, < 2.0)
      rspec-support (~> 3.4.0)
    rspec-mocks (3.4.1)
      diff-lcs (>= 1.2.0, < 2.0)
      rspec-support (~> 3.4.0)
    rspec-support (3.4.1)
    ruby-ole (1.2.12)
    spreadsheet (1.1.2)
      ruby-ole (>= 1.0)
    text-table (1.2.4)
    thread_safe (0.3.5)
    tzinfo (1.2.2)
      thread_safe (~> 0.1)

PLATFORMS
  ruby

DEPENDENCIES
  iruby (= 0.2.7)
  remi!

BUNDLED WITH
   1.11.2
